STORAGE: NONE
RESTRICTION: || (== netcoreapp3.1) (== netstandard2.0) (== netstandard2.1)
NUGET
  remote: https://api.nuget.org/v3/index.json
    Fable.AST (3.0)
    Fable.Browser.Blob (1.1)
      Fable.Core (>= 3.0)
      FSharp.Core (>= 4.6.2)
    Fable.Browser.Dom (2.2)
      Fable.Browser.Blob (>= 1.1)
      Fable.Browser.Event (>= 1.2.1)
      Fable.Browser.WebStorage (>= 1.0)
      Fable.Core (>= 3.0)
      FSharp.Core (>= 4.7.2)
    Fable.Browser.Event (1.2.1)
      Fable.Core (>= 3.0)
      FSharp.Core (>= 4.7)
    Fable.Browser.WebStorage (1.0)
      Fable.Browser.Event (>= 1.0)
      Fable.Core (>= 3.0)
      FSharp.Core (>= 4.5.2)
    Fable.Core (3.2)
      FSharp.Core (>= 5.0)
    Fable.React (7.2)
      Fable.Browser.Dom (>= 2.0.1)
      Fable.Core (>= 3.1.5)
      FSharp.Core (>= 4.7.2)
    Feliz (1.22)
      Fable.Core (>= 3.1.5)
      Fable.React (>= 7.0.1)
      Feliz.CompilerPlugins (>= 0.9)
      FSharp.Core (>= 4.7.2)
    Feliz.Bulma (2.5)
      Feliz (>= 0.68.2)
      FSharp.Core (>= 4.7)
    Feliz.CompilerPlugins (0.9)
      Fable.AST (>= 3.0.0-nagareyama-rc-001)
      FSharp.Core (>= 4.7.1)
    FSharp.Core (5.0)
